GEM
  remote: https://rubygems.org/
  specs:
    gosu (0.10.6)
    gosu_tiled (0.1.1)
      gosu
      json
    json (1.8.3)

PLATFORMS
  ruby

DEPENDENCIES
  gosu
  gosu_tiled

BUNDLED WITH
   1.11.2
